GEM
  remote: http://rubygems.org/
  specs:
    git (1.2.5)
    jeweler (1.5.2)
      bundler (~> 1.0.0)
      git (>= 1.2.5)
      rake
    rake (0.8.7)
    rcov (0.9.9)
    shoulda (2.11.3)

PLATFORMS
  ruby

DEPENDENCIES
  bundler (~> 1.0.10)
  jeweler (~> 1.5.2)
  jruby-openssl
  rcov (>= 0.9.9)
  ruby-debug (>= 0.10.3)
  shoulda
